NUGET
  remote: https://www.nuget.org/api/v2
    FAKE (3.14.8)
    FSharp.Compiler.Service (0.0.82)
    FSharp.Formatting (2.6.3)
      FSharp.Compiler.Service (>= 0.0.81)
    Microsoft.Bcl (1.1.9) - framework: net10, net11, net20, net30, net35, net40, net40-full
      Microsoft.Bcl.Build (>= 1.0.14)
    Microsoft.Bcl.Build (1.0.21) - import_targets: false, framework: net10, net11, net20, net30, net35, net40, net40-full
    Microsoft.Net.Http (2.2.28) - framework: net10, net11, net20, net30, net35, net40, net40-full
      Microsoft.Bcl (>= 1.1.9)
      Microsoft.Bcl.Build (>= 1.0.14)
    MSBuild.Extension.Pack (1.8)
    NuGet.CommandLine (2.8.3)
    NUnit (2.6.4)
    NUnit.Runners (2.6.4)
    Octokit (0.23)
      Microsoft.Net.Http  - framework: net10, net11, net20, net30, net35, net40, net40-full
    SourceLink.Fake (0.4.2)
GITHUB
  remote: fsharp/FAKE
    modules/Octokit/Octokit.fsx (f367c3d28b1fc9a2a89636c2b870dea4b4559dca)
      Octokit (>= 0.20)
  remote: nwolverson/signalrprovider
    FULLPROJECT (705cb49c4613657e85c974ca5ccf3ef68d13b289)